GEM
  remote: https://rubygems.org/
  specs:
    addressable (2.8.1)
      public_suffix (>= 2.0.2, < 6.0)
    down (4.8.1)
      addressable (~> 2.5)
    public_suffix (5.0.0)
    ruby-s3cmd (0.1.5)

PLATFORMS
  ruby

DEPENDENCIES
  down (~> 4.8, >= 4.8.1)
  ruby-s3cmd (~> 0.1.5)

BUNDLED WITH
   2.0.1
